REDIRECTS: ON
RESTRICTION: == netcoreapp3.1
NUGET
  remote: https://www.nuget.org/api/v2
    Akka (1.4.9)
      Newtonsoft.Json (>= 12.0.3)
      System.Collections.Immutable (>= 1.7.1)
      System.Configuration.ConfigurationManager (>= 4.7)
    Akka.Serialization.Hyperion (1.4.9)
      Akka (>= 1.4.9)
      Hyperion (>= 0.9.16)
    Akka.Streams (1.4.9)
      Akka (>= 1.4.9)
      Google.Protobuf (>= 3.12.3)
      Reactive.Streams (>= 1.0.2)
      System.Reflection.TypeExtensions (>= 4.7)
    Akkling (0.10)
      Akka (>= 1.4.2)
      Akka.Serialization.Hyperion (>= 1.4.2)
      FSharp.Core (>= 4.7)
      System.ValueTuple (>= 4.5)
    Akkling.Streams (0.10)
      Akka.Streams (>= 1.4.2)
      Akkling (>= 0.10)
      FSharp.Core (>= 4.7)
    FSharp.Configuration (2.0.0-alpha2)
      FSharp.Core (>= 4.3.4)
    FSharp.Core (4.7.2)
    Google.Protobuf (3.13)
      System.Memory (>= 4.5.2)
      System.Runtime.CompilerServices.Unsafe (>= 4.5.2)
    Hyperion (0.9.16)
      Microsoft.CSharp (>= 4.7)
      System.Runtime (>= 4.3.1)
    Microsoft.CSharp (4.7)
    Microsoft.NETCore.Platforms (3.1.2)
    Microsoft.NETCore.Targets (3.1)
    Microsoft.Win32.Registry (4.7)
      System.Security.AccessControl (>= 4.7)
      System.Security.Principal.Windows (>= 4.7)
    Microsoft.Win32.SystemEvents (4.7)
      Microsoft.NETCore.Platforms (>= 3.1)
    NETStandard.Library (2.0.3)
      Microsoft.NETCore.Platforms (>= 1.1)
    Newtonsoft.Json (12.0.3)
    NLog (4.7.3)
    Reactive.Streams (1.0.2)
      NETStandard.Library (>= 1.6)
    runtime.native.System.Data.SqlClient.sni (4.7)
      runtime.win-arm64.runtime.native.System.Data.SqlClient.sni (>= 4.4)
      runtime.win-x64.runtime.native.System.Data.SqlClient.sni (>= 4.4)
      runtime.win-x86.runtime.native.System.Data.SqlClient.sni (>= 4.4)
    runtime.win-arm64.runtime.native.System.Data.SqlClient.sni (4.4)
    runtime.win-x64.runtime.native.System.Data.SqlClient.sni (4.4)
    runtime.win-x86.runtime.native.System.Data.SqlClient.sni (4.4)
    System.Collections.Immutable (1.7.1)
    System.Configuration.ConfigurationManager (4.7)
      System.Security.Cryptography.ProtectedData (>= 4.7)
      System.Security.Permissions (>= 4.7)
    System.Data.SqlClient (4.8.2)
      Microsoft.Win32.Registry (>= 4.7)
      runtime.native.System.Data.SqlClient.sni (>= 4.7)
      System.Security.Principal.Windows (>= 4.7)
    System.Drawing.Common (4.7)
      Microsoft.NETCore.Platforms (>= 3.1)
      Microsoft.Win32.SystemEvents (>= 4.7)
    System.Memory (4.5.4)
    System.Reflection.TypeExtensions (4.7)
    System.Runtime (4.3.1)
      Microsoft.NETCore.Platforms (>= 1.1.1)
      Microsoft.NETCore.Targets (>= 1.1.3)
    System.Runtime.CompilerServices.Unsafe (4.7.1)
    System.Security.AccessControl (4.7)
      Microsoft.NETCore.Platforms (>= 3.1)
      System.Security.Principal.Windows (>= 4.7)
    System.Security.Cryptography.ProtectedData (4.7)
    System.Security.Permissions (4.7)
      System.Security.AccessControl (>= 4.7)
      System.Windows.Extensions (>= 4.7)
    System.Security.Principal.Windows (4.7)
    System.ValueTuple (4.5)
    System.Windows.Extensions (4.7)
      System.Drawing.Common (>= 4.7)
    z440.atl.core (3.7)
